PATH
  remote: .
  specs:
    sql_enum (0.3.1)
      activerecord (>= 5.1, < 7.0)
      activesupport (>= 5.1, < 7.0)
      mysql2

GEM
  remote: https://gem-proxy.chime.com/
  specs:
    activemodel (6.1.7.4)
      activesupport (= 6.1.7.4)
    activerecord (6.1.7.4)
      activemodel (= 6.1.7.4)
      activesupport (= 6.1.7.4)
    activesupport (6.1.7.4)
      concurrent-ruby (~> 1.0, >= 1.0.2)
      i18n (>= 1.6, < 2)
      minitest (>= 5.1)
      tzinfo (~> 2.0)
      zeitwerk (~> 2.3)
    appraisal (2.5.0)
      bundler
      rake
      thor (>= 0.14.0)
    concurrent-ruby (1.2.2)
    debug (1.8.0)
      irb (>= 1.5.0)
      reline (>= 0.3.1)
    diff-lcs (1.5.0)
    i18n (1.14.1)
      concurrent-ruby (~> 1.0)
    io-console (0.6.0)
    irb (1.7.4)
      reline (>= 0.3.6)
    minitest (5.19.0)
    mysql2 (0.5.5)
    rake (13.0.6)
    reline (0.3.8)
      io-console (~> 0.5)
    rspec (3.12.0)
      rspec-core (~> 3.12.0)
      rspec-expectations (~> 3.12.0)
      rspec-mocks (~> 3.12.0)
    rspec-core (3.12.2)
      rspec-support (~> 3.12.0)
    rspec-expectations (3.12.3)
      diff-lcs (>= 1.2.0, < 2.0)
      rspec-support (~> 3.12.0)
    rspec-mocks (3.12.6)
      diff-lcs (>= 1.2.0, < 2.0)
      rspec-support (~> 3.12.0)
    rspec-support (3.12.1)
    thor (1.2.2)
    tzinfo (2.0.6)
      concurrent-ruby (~> 1.0)
    zeitwerk (2.6.11)

PLATFORMS
  ruby
  x86_64-linux

DEPENDENCIES
  appraisal
  bundler
  debug
  rake (~> 13.0)
  rspec (~> 3.0)
  sql_enum!

BUNDLED WITH
   2.2.30
