PATH
  remote: .
  specs:
    sql_enum (0.3.1)
      activerecord (>= 5.1)
      activesupport (>= 5.1)
      mysql2

GEM
  remote: https://gem-proxy.chime.com/
  specs:
    activemodel (6.1.4.1)
      activesupport (= 6.1.4.1)
    activerecord (6.1.4.1)
      activemodel (= 6.1.4.1)
      activesupport (= 6.1.4.1)
    activesupport (6.1.4.1)
      concurrent-ruby (~> 1.0, >= 1.0.2)
      i18n (>= 1.6, < 2)
      minitest (>= 5.1)
      tzinfo (~> 2.0)
      zeitwerk (~> 2.3)
    appraisal (2.4.1)
      bundler
      rake
      thor (>= 0.14.0)
    concurrent-ruby (1.1.9)
    debug (1.3.2)
      irb (>= 1.3.6)
      reline (>= 0.2.7)
    diff-lcs (1.3)
    i18n (1.8.10)
      concurrent-ruby (~> 1.0)
    io-console (0.5.9)
    irb (1.3.7)
      reline (>= 0.2.7)
    minitest (5.14.4)
    mysql2 (0.5.3)
    rake (13.0.3)
    reline (0.2.7)
      io-console (~> 0.5)
    rspec (3.7.0)
      rspec-core (~> 3.7.0)
      rspec-expectations (~> 3.7.0)
      rspec-mocks (~> 3.7.0)
    rspec-core (3.7.1)
      rspec-support (~> 3.7.0)
    rspec-expectations (3.7.0)
      diff-lcs (>= 1.2.0, < 2.0)
      rspec-support (~> 3.7.0)
    rspec-mocks (3.7.0)
      diff-lcs (>= 1.2.0, < 2.0)
      rspec-support (~> 3.7.0)
    rspec-support (3.7.1)
    thor (1.1.0)
    tzinfo (2.0.4)
      concurrent-ruby (~> 1.0)
    zeitwerk (2.5.1)

PLATFORMS
  ruby
  x86_64-linux

DEPENDENCIES
  appraisal
  bundler
  debug
  rake (~> 13.0)
  rspec (~> 3.0)
  sql_enum!

BUNDLED WITH
   2.2.30
