PATH
  remote: .
  specs:
    sql_enum (0.3.2)
      activerecord (>= 5.1)
      activesupport (>= 5.1)
      mysql2

GEM
  remote: https://gem-proxy.chime.com/
  specs:
    activemodel (7.0.4.3)
      activesupport (= 7.0.4.3)
    activerecord (7.0.4.3)
      activemodel (= 7.0.4.3)
      activesupport (= 7.0.4.3)
    activesupport (7.0.4.3)
      concurrent-ruby (~> 1.0, >= 1.0.2)
      i18n (>= 1.6, < 2)
      minitest (>= 5.1)
      tzinfo (~> 2.0)
    appraisal (2.4.1)
      bundler
      rake
      thor (>= 0.14.0)
    concurrent-ruby (1.2.2)
    debug (1.3.2)
      irb (>= 1.3.6)
      reline (>= 0.2.7)
    diff-lcs (1.3)
    i18n (1.12.0)
      concurrent-ruby (~> 1.0)
    io-console (0.5.9)
    irb (1.3.7)
      reline (>= 0.2.7)
    minitest (5.18.0)
    mysql2 (0.5.3)
    rake (13.0.3)
    reline (0.2.7)
      io-console (~> 0.5)
    rspec (3.7.0)
      rspec-core (~> 3.7.0)
      rspec-expectations (~> 3.7.0)
      rspec-mocks (~> 3.7.0)
    rspec-core (3.7.1)
      rspec-support (~> 3.7.0)
    rspec-expectations (3.7.0)
      diff-lcs (>= 1.2.0, < 2.0)
      rspec-support (~> 3.7.0)
    rspec-mocks (3.7.0)
      diff-lcs (>= 1.2.0, < 2.0)
      rspec-support (~> 3.7.0)
    rspec-support (3.7.1)
    thor (1.1.0)
    tzinfo (2.0.6)
      concurrent-ruby (~> 1.0)

PLATFORMS
  ruby
  x86_64-linux

DEPENDENCIES
  appraisal
  bundler
  debug
  rake (~> 13.0)
  rspec (~> 3.0)
  sql_enum!

BUNDLED WITH
   2.2.30
